GEM
  remote: http://rubygems.org/
  specs:
    CITIEsForRAILS (0.0.4)
    abstract (1.0.0)
    actionmailer (3.0.3)
      actionpack (= 3.0.3)
      mail (~> 2.2.9)
    actionpack (3.0.3)
      activemodel (= 3.0.3)
      activesupport (= 3.0.3)
      builder (~> 2.1.2)
      erubis (~> 2.6.6)
      i18n (~> 0.4)
      rack (~> 1.2.1)
      rack-mount (~> 0.6.13)
      rack-test (~> 0.5.6)
      tzinfo (~> 0.3.23)
    activemodel (3.0.3)
      activesupport (= 3.0.3)
      builder (~> 2.1.2)
      i18n (~> 0.4)
    activerecord (3.0.3)
      activemodel (= 3.0.3)
      activesupport (= 3.0.3)
      arel (~> 2.0.2)
      tzinfo (~> 0.3.23)
    activeresource (3.0.3)
      activemodel (= 3.0.3)
      activesupport (= 3.0.3)
    activesupport (3.0.3)
    acts_as_list (0.1.2)
    acts_as_tree (0.1.1)
    arel (2.0.9)
    bcrypt-ruby (2.1.4-x86-mingw32)
    builder (2.1.2)
    devise (1.1.2)
      bcrypt-ruby (~> 2.1.2)
      warden (~> 0.10.7)
    erubis (2.6.6)
      abstract (>= 1.0.0)
    highline (1.6.11)
    i18n (0.5.0)
    liquid (2.2.2)
    mail (2.2.15)
      activesupport (>= 2.3.6)
      i18n (>= 0.4.0)
      mime-types (~> 1.16)
      treetop (~> 1.4.8)
    mime-types (1.16)
    multi_json (1.3.6)
    mysql2 (0.2.6-x86-mingw32)
    newrelic_rpm (2.14.1)
    nifty-generators (0.4.6)
    polyglot (0.3.1)
    rabl (0.7.0)
      activesupport (>= 2.3.14)
      multi_json (~> 1.0)
    rack (1.2.1)
    rack-mount (0.6.13)
      rack (>= 1.0.0)
    rack-test (0.5.7)
      rack (>= 1.0)
    rails (3.0.3)
      actionmailer (= 3.0.3)
      actionpack (= 3.0.3)
      activerecord (= 3.0.3)
      activeresource (= 3.0.3)
      activesupport (= 3.0.3)
      bundler (~> 1.0)
      railties (= 3.0.3)
    railties (3.0.3)
      actionpack (= 3.0.3)
      activesupport (= 3.0.3)
      rake (>= 0.8.7)
      thor (~> 0.14.4)
    rake (0.9.2.2)
    thor (0.14.6)
    treetop (1.4.9)
      polyglot (>= 0.3.1)
    tzinfo (0.3.24)
    userstamp (2.0.1)
    warden (0.10.7)
      rack (>= 1.0.0)
    will_paginate (3.0.pre2)

PLATFORMS
  x86-mingw32

DEPENDENCIES
  CITIEsForRAILS
  acts_as_list
  acts_as_tree
  devise (= 1.1.2)
  highline
  liquid
  mysql2
  newrelic_rpm
  nifty-generators
  rabl
  rails (= 3.0.3)
  rake (= 0.9.2.2)
  userstamp
  will_paginate (~> 3.0.pre2)
